GIT
  remote: git://github.com/pleary/octopus.git
  revision: 5409490a4e12ae425af8b05ced876cbf0accf0c6
  branch: 0.4.0
  specs:
    ar-octopus (0.4.0)
      activerecord (>= 2.3.0)
      activesupport (>= 2.3.0)

GIT
  remote: git://github.com/pleary/rails3-jquery-autocomplete.git
  revision: bb7b9e1c7dce0c87db383438e47e2ee6754f1d72
  specs:
    rails3-jquery-autocomplete (1.0.11)
      rails (~> 3.0)

GEM
  remote: https://rubygems.org/
  specs:
    actionmailer (3.2.17)
      actionpack (= 3.2.17)
      mail (~> 2.5.4)
    actionpack (3.2.17)
      activemodel (= 3.2.17)
      activesupport (= 3.2.17)
      builder (~> 3.0.0)
      erubis (~> 2.7.0)
      journey (~> 1.0.4)
      rack (~> 1.4.5)
      rack-cache (~> 1.2)
      rack-test (~> 0.6.1)
      sprockets (~> 2.2.1)
    activemodel (3.2.17)
      activesupport (= 3.2.17)
      builder (~> 3.0.0)
    activerecord (3.2.17)
      activemodel (= 3.2.17)
      activesupport (= 3.2.17)
      arel (~> 3.0.2)
      tzinfo (~> 0.3.29)
    activeresource (3.2.17)
      activemodel (= 3.2.17)
      activesupport (= 3.2.17)
    activesupport (3.2.17)
      i18n (~> 0.6, >= 0.6.4)
      multi_json (~> 1.0)
    acts_as_list (0.3.0)
      activerecord (>= 3.0)
    acts_as_tree_rails3 (0.1.0)
    addressable (2.3.5)
    after_commit_action (0.1.3)
      activerecord (>= 3.0.0)
    ar_transaction_changes (0.0.1)
      activerecord (>= 3.0.0)
    arel (3.0.3)
    better_errors (1.0.1)
      coderay (>= 1.0.0)
      erubis (>= 2.6.6)
    binding_of_caller (0.7.2)
      debug_inspector (>= 0.0.1)
    biodiversity (3.1.2)
      parallel
      parallel (~> 0.6)
      rake (~> 10.0)
      treetop
      treetop (~> 1.4)
      unicode_utils (~> 1.4)
    builder (3.0.4)
    capistrano (2.13.5)
      highline
      net-scp (>= 1.0.0)
      net-sftp (>= 2.0.0)
      net-ssh (>= 2.0.14)
      net-ssh-gateway (>= 1.1.0)
    capistrano-unicorn-pleary (0.1.6.1)
    capybara (1.1.3)
      mime-types (>= 1.16)
      nokogiri (>= 1.3.3)
      rack (>= 1.0.0)
      rack-test (>= 0.5.4)
      selenium-webdriver (~> 2.0)
      xpath (~> 0.1.4)
    capybara-webkit (0.13.1)
      capybara (>= 1.0.0, < 1.2)
      json
    celluloid (0.15.2)
      timers (~> 1.1.0)
    childprocess (0.3.6)
      ffi (~> 1.0, >= 1.0.6)
    cityhash (0.8.1)
    ckeditor (3.7.3)
      mime-types
      orm_adapter
    climate_control (0.0.3)
      activesupport (>= 3.0)
    cocaine (0.5.3)
      climate_control (>= 0.0.3, < 1.0)
    coderay (1.0.9)
    coffee-rails (3.2.2)
      coffee-script (>= 2.2.0)
      railties (~> 3.2.0)
    coffee-script (2.2.0)
      coffee-script-source
      execjs
    coffee-script-source (1.4.0)
    columnize (0.3.6)
    composite_primary_keys (5.0.13)
      activerecord (~> 3.2.0, >= 3.2.9)
    counter_culture (0.1.19)
      after_commit_action (~> 0.1.3)
    crack (0.3.1)
    cucumber (1.3.10)
      builder (>= 2.1.2)
      diff-lcs (>= 1.1.3)
      gherkin (~> 2.12)
      multi_json (>= 1.7.5, < 2.0)
      multi_test (>= 0.0.2)
    daemons (1.1.9)
    dalli (2.6.4)
    debug_inspector (0.0.2)
    debugger (1.5.0)
      columnize (>= 0.3.1)
      debugger-linecache (~> 1.2.0)
      debugger-ruby_core_source (~> 1.2.0)
    debugger-linecache (1.2.0)
    debugger-ruby_core_source (1.2.0)
    diff-lcs (1.2.5)
    email_spec (1.4.0)
      launchy (~> 2.1)
      mail (~> 2.2)
    erubis (2.7.0)
    escape (0.0.4)
    execjs (2.0.2)
    ezcrypto (0.7.2)
    factory_girl (4.3.0)
      activesupport (>= 3.0.0)
    factory_girl_rails (4.3.0)
      factory_girl (~> 4.3.0)
      railties (>= 3.0.0)
    faker (1.2.0)
      i18n (~> 0.5)
    faraday (0.8.4)
      multipart-post (~> 1.1)
    ffi (1.1.5)
    formatador (0.2.4)
    fuubar (1.3.2)
      rspec (>= 2.14.0, < 3.1.0)
      ruby-progressbar (~> 1.3)
    gherkin (2.12.2)
      multi_json (~> 1.3)
    guard (2.2.2)
      formatador (>= 0.2.4)
      listen (~> 2.1)
      lumberjack (~> 1.0)
      pry (>= 0.9.12)
      thor (>= 0.18.1)
    guard-bundler (2.0.0)
      bundler (~> 1.0)
      guard (~> 2.2)
    guard-cucumber (1.4.1)
      cucumber (>= 1.2.0)
      guard (>= 1.1.0)
    guard-rspec (2.5.4)
      guard (>= 1.1)
      rspec (~> 2.11)
    guard-zeus (0.0.1)
      guard
      zeus
    haml (4.0.4)
      tilt
    haml-rails (0.4)
      actionpack (>= 3.1, < 4.1)
      activesupport (>= 3.1, < 4.1)
      haml (>= 3.1, < 4.1)
      railties (>= 3.1, < 4.1)
    highline (1.6.15)
    hike (1.2.3)
    hipchat (0.8.0)
      httparty
    httparty (0.11.0)
      multi_json (~> 1.0)
      multi_xml (>= 0.5.2)
    httpauth (0.2.0)
    i18n (0.6.9)
    identity_cache (0.0.4)
      activerecord (~> 3.2.12)
      activesupport (~> 3.2.12)
      ar_transaction_changes (= 0.0.1)
    indifferent-variable-hash (0.1.0)
    interception (0.3)
    invert (0.1.0)
    journey (1.0.4)
    jquery-rails (2.1.3)
      railties (>= 3.1.0, < 5.0)
      thor (~> 0.14)
    json (1.8.1)
    json_pure (1.8.1)
    jwt (0.1.5)
      multi_json (>= 1.0)
    kgio (2.7.4)
    launchy (2.1.2)
      addressable (~> 2.3)
    libwebsocket (0.1.5)
      addressable
    listen (2.2.0)
      celluloid (>= 0.15.2)
      rb-fsevent (>= 0.9.3)
      rb-inotify (>= 0.9)
    lumberjack (1.0.4)
    macaddr (1.6.1)
      systemu (~> 2.5.0)
    mail (2.5.4)
      mime-types (~> 1.16)
      treetop (~> 1.4.8)
    method_source (0.8.2)
    mime-types (1.25)
    multi_json (1.8.4)
    multi_test (0.0.3)
    multi_xml (0.5.3)
    multipart-post (1.1.5)
    mysql2 (0.3.14)
    net-http-persistent (2.9)
    net-scp (1.0.4)
      net-ssh (>= 1.99.1)
    net-sftp (2.0.5)
      net-ssh (>= 2.0.9)
    net-ssh (2.6.1)
    net-ssh-gateway (1.1.0)
      net-ssh (>= 1.99.1)
    newrelic_rpm (3.7.2.195)
    nokogiri (1.5.5)
    nunes (0.3.0)
    oauth (0.4.7)
    oauth2 (0.8.0)
      faraday (~> 0.8)
      httpauth (~> 0.1)
      jwt (~> 0.1.4)
      multi_json (~> 1.0)
      rack (~> 1.2)
    optiflag (0.7)
    orm_adapter (0.4.0)
    paperclip (4.1.1)
      activemodel (>= 3.0.0)
      activesupport (>= 3.0.0)
      cocaine (~> 0.5.3)
      mime-types
    parallel (0.9.1)
    polyglot (0.3.4)
    pry (0.9.12.2)
      coderay (~> 1.0.5)
      method_source (~> 0.8)
      slop (~> 3.4)
    pry-rails (0.3.2)
      pry (>= 0.9.10)
    pry-rescue (1.2.0)
      interception (>= 0.3)
      pry
    pry-stack_explorer (0.4.9.1)
      binding_of_caller (>= 0.7)
      pry (>= 0.9.11)
    rack (1.4.5)
    rack-cache (1.2)
      rack (>= 0.4)
    rack-protection (1.2.0)
      rack
    rack-ssl (1.3.3)
      rack
    rack-test (0.6.2)
      rack (>= 1.0)
    rails (3.2.17)
      actionmailer (= 3.2.17)
      actionpack (= 3.2.17)
      activerecord (= 3.2.17)
      activeresource (= 3.2.17)
      activesupport (= 3.2.17)
      bundler (~> 1.0)
      railties (= 3.2.17)
    rails_autolink (1.1.5)
      rails (> 3.1)
    railties (3.2.17)
      actionpack (= 3.2.17)
      activesupport (= 3.2.17)
      rack-ssl (~> 1.3.2)
      rake (>= 0.8.7)
      rdoc (~> 3.4)
      thor (>= 0.14.6, < 2.0)
    raindrops (0.10.0)
    rake (10.1.1)
    rb-fsevent (0.9.3)
    rb-inotify (0.9.2)
      ffi (>= 0.5.0)
    rdf (1.0.10.2)
      addressable (>= 2.3)
    rdoc (3.12.2)
      json (~> 1.4)
    recaptcha (0.3.4)
    redis (3.0.7)
    redis-namespace (1.2.2)
      redis (~> 3.0.0)
    resque (1.23.0)
      multi_json (~> 1.0)
      redis-namespace (~> 1.0)
      sinatra (>= 0.9.2)
      vegas (~> 0.1.2)
    rspec (2.14.1)
      rspec-core (~> 2.14.0)
      rspec-expectations (~> 2.14.0)
      rspec-mocks (~> 2.14.0)
    rspec-core (2.14.7)
    rspec-expectations (2.14.4)
      diff-lcs (>= 1.1.3, < 2.0)
    rspec-html-matchers (0.4.3)
      nokogiri (>= 1.4.4)
      rspec (>= 2.0.0)
    rspec-mocks (2.14.4)
    rspec-rails (2.14.0)
      actionpack (>= 3.0)
      activesupport (>= 3.0)
      railties (>= 3.0)
      rspec-core (~> 2.14.0)
      rspec-expectations (~> 2.14.0)
      rspec-mocks (~> 2.14.0)
    ruby-hmac (0.4.0)
    ruby-prof (0.11.2)
    ruby-progressbar (1.4.1)
    rubyzip (0.9.9)
    rvm-capistrano (1.2.7)
      capistrano (>= 2.0.0)
    sanitize (2.0.3)
      nokogiri (>= 1.4.4, < 1.6)
    sass (3.2.12)
    sass-rails (3.2.5)
      railties (~> 3.2.0)
      sass (>= 3.1.10)
      tilt (~> 1.3)
    selenium-webdriver (2.26.0)
      childprocess (>= 0.2.5)
      libwebsocket (~> 0.1.3)
      multi_json (~> 1.0)
      rubyzip
    simplecov (0.7.1)
      multi_json (~> 1.0)
      simplecov-html (~> 0.7.1)
    simplecov-html (0.7.1)
    sinatra (1.3.3)
      rack (~> 1.3, >= 1.3.6)
      rack-protection (~> 1.2)
      tilt (~> 1.3, >= 1.3.3)
    slop (3.4.6)
    sparql-client (1.0.4.1)
      json_pure (>= 1.4)
      net-http-persistent (>= 1.4)
      rdf (>= 1.0)
    sprockets (2.2.2)
      hike (~> 1.2)
      multi_json (~> 1.0)
      rack (~> 1.0)
      tilt (~> 1.1, != 1.3.0)
    statsd-ruby (1.2.1)
    systemu (2.5.2)
    terminal-notifier-guard (1.5.3)
    thor (0.18.1)
    tilt (1.4.1)
    timers (1.1.0)
    treetop (1.4.15)
      polyglot
      polyglot (>= 0.3.1)
    turbo-sprockets-rails3 (0.3.4)
      railties (> 3.2.8, < 4.0.0)
      sprockets (>= 2.0.0)
    tzinfo (0.3.38)
    uglifier (2.3.1)
      execjs (>= 0.3.0)
      json (>= 1.8.0)
    unicode_utils (1.4.0)
    unicorn (4.4.0)
      kgio (~> 2.6)
      rack
      raindrops (~> 0.7)
    uuid (2.3.5)
      macaddr (~> 1.0)
    vegas (0.1.11)
      rack (>= 1.0.0)
    webmock (1.8.11)
      addressable (>= 2.2.7)
      crack (>= 0.1.7)
    webrick (1.3.1)
    will_paginate (3.0.5)
    xpath (0.1.4)
      nokogiri (~> 1.3)
    zeus (0.13.3)
      method_source (>= 0.6.7)

PLATFORMS
  ruby

DEPENDENCIES
  acts_as_list (= 0.3.0)
  acts_as_tree_rails3 (= 0.1.0)
  ar-octopus (= 0.4.0)!
  better_errors
  binding_of_caller
  biodiversity (= 3.1.2)
  capistrano (= 2.13.5)
  capistrano-unicorn-pleary (= 0.1.6.1)
  capybara (= 1.1.3)
  capybara-webkit
  cityhash (= 0.8.1)
  ckeditor (= 3.7.3)
  coffee-rails (= 3.2.2)
  composite_primary_keys (= 5.0.13)
  counter_culture (= 0.1.19)
  daemons (= 1.1.9)
  dalli (= 2.6.4)
  debugger
  email_spec (= 1.4.0)
  escape
  ezcrypto
  factory_girl_rails (= 4.3.0)
  faker (= 1.2.0)
  fuubar
  guard-bundler
  guard-cucumber
  guard-rspec
  guard-zeus
  haml (= 4.0.4)
  haml-rails
  hipchat
  identity_cache (= 0.0.4)
  indifferent-variable-hash (= 0.1.0)
  invert
  jquery-rails (= 2.1.3)
  json (= 1.8.1)
  launchy
  macaddr
  mime-types (= 1.25)
  mysql2 (= 0.3.14)
  newrelic_rpm (> 3.7.2)
  nokogiri (= 1.5.5)
  nunes (= 0.3.0)
  oauth (= 0.4.7)
  oauth2 (= 0.8.0)
  optiflag (= 0.7)
  paperclip (= 4.1.1)
  pry-rails
  pry-rescue
  pry-stack_explorer
  rack-ssl (= 1.3.3)
  rails (= 3.2.17)
  rails3-jquery-autocomplete (= 1.0.11)!
  rails_autolink (= 1.1.5)
  recaptcha (= 0.3.4)
  redis-namespace (= 1.2.2)
  resque (= 1.23.0)
  rspec-html-matchers (= 0.4.3)
  rspec-rails (= 2.14)
  ruby-hmac (= 0.4.0)
  ruby-prof (= 0.11.2)
  rvm-capistrano (= 1.2.7)
  sanitize (= 2.0.3)
  sass-rails (= 3.2.5)
  simplecov (~> 0.7.1)
  sparql-client (= 1.0.4.1)
  statsd-ruby (= 1.2.1)
  terminal-notifier-guard
  turbo-sprockets-rails3 (= 0.3.4)
  uglifier (= 2.3.1)
  unicorn (= 4.4.0)
  uuid (= 2.3.5)
  webmock (= 1.8.11)
  webrick (= 1.3.1)
  will_paginate (~> 3.0)
